GIT
  remote: https://github.com/davidstosik/mfynab.git
  revision: 73f36f266bbd879983644c8aadc2189b70d22665
  branch: sto/docker
  specs:
    mfynab (0.1.4)
      csv
      ferrum (~> 0.15)
      nokogiri (~> 1.18)
      psych
      ynab (~> 3.6)

GEM
  remote: https://rubygems.org/
  specs:
    addressable (2.8.7)
      public_suffix (>= 2.0.2, < 7.0)
    base64 (0.2.0)
    concurrent-ruby (1.3.5)
    csv (3.3.2)
    date (3.4.1)
    ethon (0.16.0)
      ffi (>= 1.15.0)
    ferrum (0.16)
      addressable (~> 2.5)
      base64 (~> 0.2)
      concurrent-ruby (~> 1.1)
      webrick (~> 1.7)
      websocket-driver (~> 0.7)
    ffi (1.17.1)
    ffi (1.17.1-arm64-darwin)
    mini_portile2 (2.8.8)
    nokogiri (1.18.3)
      mini_portile2 (~> 2.8.2)
      racc (~> 1.4)
    nokogiri (1.18.3-arm64-darwin)
      racc (~> 1.4)
    psych (5.2.3)
      date
      stringio
    public_suffix (6.0.1)
    racc (1.8.1)
    stringio (3.1.5)
    typhoeus (1.4.1)
      ethon (>= 0.9.0)
    webrick (1.9.1)
    websocket-driver (0.7.7)
      base64
      websocket-extensions (>= 0.1.0)
    websocket-extensions (0.1.5)
    ynab (3.6.0)
      typhoeus (~> 1.0, >= 1.0.1)

PLATFORMS
  arm64-darwin-24
  ruby

DEPENDENCIES
  mfynab!

BUNDLED WITH
   2.6.2
